GIT
  remote: git://github.com/dancinglightning/db_fixtures_dump.git
  revision: 339495475e7542b5586bb9066755507a060b7431
  specs:
    db_fixtures_dump (0.1.1)

GIT
  remote: git://github.com/rubyclerks/accountant_clerk.git
  revision: bedbfdc17e48ca4d63a85e55d584dad740d9586b
  specs:
    accountant_clerk (0.8)
      flot-rails (~> 0.0.6)
      office_clerk (~> 1.0.0)

GIT
  remote: git://github.com/rubyclerks/office_clerk.git
  revision: bc1c8c4b814735c0946f8b603836108223af7a1c
  specs:
    office_clerk (1.0.0)
      bcrypt-ruby (~> 3.1)
      best_in_place (~> 3.0)
      bootstrap-sass (~> 3.1)
      bootstrap_form (~> 2.2)
      coffee-rails (~> 4.0)
      gon (~> 5.2)
      haml (~> 4.0)
      jquery-rails (~> 4.0)
      jquery-ui-rails (~> 5.0)
      kramdown (~> 1.5)
      paperclip (~> 4.0)
      rails (~> 4.2, < 5.0)
      rails-i18n (~> 4.0)
      ransack (~> 1.7)
      sass-rails (~> 5.0)
      valid_email (~> 0.0, >= 0.0.10)
      will_paginate-bootstrap (~> 1.0)

GIT
  remote: git://github.com/rubyclerks/post_clerk.git
  revision: 019f3c65983949f37cc9ad0b1aa55ea2c630b2ce
  specs:
    post_clerk (0.6)
      office_clerk (~> 1.0.0)

GIT
  remote: git://github.com/rubyclerks/print_clerk.git
  revision: 229ff304ad9e99bdf40b584b312efc35484edb23
  specs:
    print_clerk (0.6)
      barby (~> 0.6)
      chunky_png (~> 1.3)
      office_clerk (~> 1.0.0)
      prawn (~> 2.0)
      reference_number

GEM
  remote: https://rubygems.org/
  specs:
    actionmailer (4.2.6)
      actionpack (= 4.2.6)
      actionview (= 4.2.6)
      activejob (= 4.2.6)
      mail (~> 2.5, >= 2.5.4)
      rails-dom-testing (~> 1.0, >= 1.0.5)
    actionpack (4.2.6)
      actionview (= 4.2.6)
      activesupport (= 4.2.6)
      rack (~> 1.6)
      rack-test (~> 0.6.2)
      rails-dom-testing (~> 1.0, >= 1.0.5)
      rails-html-sanitizer (~> 1.0, >= 1.0.2)
    actionview (4.2.6)
      activesupport (= 4.2.6)
      builder (~> 3.1)
      erubis (~> 2.7.0)
      rails-dom-testing (~> 1.0, >= 1.0.5)
      rails-html-sanitizer (~> 1.0, >= 1.0.2)
    activejob (4.2.6)
      activesupport (= 4.2.6)
      globalid (>= 0.3.0)
    activemodel (4.2.6)
      activesupport (= 4.2.6)
      builder (~> 3.1)
    activerecord (4.2.6)
      activemodel (= 4.2.6)
      activesupport (= 4.2.6)
      arel (~> 6.0)
    activesupport (4.2.6)
      i18n (~> 0.7)
      json (~> 1.7, >= 1.7.7)
      minitest (~> 5.1)
      thread_safe (~> 0.3, >= 0.3.4)
      tzinfo (~> 1.1)
    addressable (2.4.0)
    arel (6.0.3)
    autoprefixer-rails (6.3.6.2)
      execjs
    barby (0.6.3)
    bcrypt (3.1.11)
    bcrypt-ruby (3.1.5)
      bcrypt (>= 3.1.3)
    best_in_place (3.1.0)
      actionpack (>= 3.2)
      railties (>= 3.2)
    better_errors (2.1.1)
      coderay (>= 1.0.0)
      erubis (>= 2.6.6)
      rack (>= 0.9.0)
    binding_of_caller (0.7.2)
      debug_inspector (>= 0.0.1)
    bootstrap-sass (3.3.6)
      autoprefixer-rails (>= 5.2.1)
      sass (>= 3.3.4)
    bootstrap_form (2.3.0)
    builder (3.2.2)
    capybara (2.7.0)
      addressable
      mime-types (>= 1.16)
      nokogiri (>= 1.3.3)
      rack (>= 1.0.0)
      rack-test (>= 0.5.4)
      xpath (~> 2.0)
    chunky_png (1.3.5)
    climate_control (0.0.3)
      activesupport (>= 3.0)
    cocaine (0.5.8)
      climate_control (>= 0.0.3, < 1.0)
    coderay (1.1.1)
    coffee-rails (4.1.1)
      coffee-script (>= 2.2.0)
      railties (>= 4.0.0, < 5.1.x)
    coffee-script (2.4.1)
      coffee-script-source
      execjs
    coffee-script-source (1.10.0)
    concurrent-ruby (1.0.2)
    daemons (1.2.3)
    database_cleaner (1.5.3)
    debug_inspector (0.0.2)
    diff-lcs (1.2.5)
    erubis (2.7.0)
    eventmachine (1.2.0.1)
    execjs (2.6.0)
    factory_girl (4.7.0)
      activesupport (>= 3.0.0)
    factory_girl_rails (4.7.0)
      factory_girl (~> 4.7.0)
      railties (>= 3.0.0)
    ffi (1.9.10)
    flot-rails (0.0.6)
      jquery-rails
    formatador (0.2.5)
    globalid (0.3.6)
      activesupport (>= 4.1.0)
    gon (5.2.3)
      actionpack (>= 2.3.0)
      json
      multi_json
      request_store (>= 1.0.5)
    guard (2.13.0)
      formatador (>= 0.2.4)
      listen (>= 2.7, <= 4.0)
      lumberjack (~> 1.0)
      nenv (~> 0.1)
      notiffany (~> 0.0)
      pry (>= 0.9.12)
      shellany (~> 0.0)
      thor (>= 0.18.1)
    guard-compat (1.2.1)
    guard-rspec (4.6.5)
      guard (~> 2.1)
      guard-compat (~> 1.1)
      rspec (>= 2.99.0, < 4.0)
    haml (4.0.7)
      tilt
    i18n (0.7.0)
    i18n-spec (0.6.0)
      iso
    iso (0.2.1)
      i18n
    jquery-rails (4.1.1)
      rails-dom-testing (>= 1, < 3)
      railties (>= 4.2.0)
      thor (>= 0.14, < 2.0)
    jquery-ui-rails (5.0.5)
      railties (>= 3.2.16)
    json (1.8.3)
    json_pure (1.8.3)
    kramdown (1.11.1)
    libv8 (3.16.14.15)
    listen (3.1.1)
      rb-fsevent (>= 0.9.3)
      rb-inotify (>= 0.9.7)
    loofah (2.0.3)
      nokogiri (>= 1.5.9)
    lumberjack (1.0.10)
    mail (2.6.4)
      mime-types (>= 1.16, < 4)
    method_source (0.8.2)
    mime-types (3.1)
      mime-types-data (~> 3.2015)
    mime-types-data (3.2016.0521)
    mimemagic (0.3.0)
    mini_portile2 (2.1.0)
    minitest (5.9.0)
    multi_json (1.12.1)
    mysql2 (0.3.20)
    nenv (0.3.0)
    newrelic_rpm (3.15.2.317)
    nokogiri (1.6.8)
      mini_portile2 (~> 2.1.0)
      pkg-config (~> 1.1.7)
    notiffany (0.0.8)
      nenv (~> 0.1)
      shellany (~> 0.0)
    paperclip (4.3.6)
      activemodel (>= 3.2.0)
      activesupport (>= 3.2.0)
      cocaine (~> 0.5.5)
      mime-types
      mimemagic (= 0.3.0)
    pdf-core (0.6.1)
    pkg-config (1.1.7)
    polyamorous (1.3.0)
      activerecord (>= 3.0)
    prawn (2.1.0)
      pdf-core (~> 0.6.1)
      ttfunk (~> 1.4.0)
    pry (0.10.3)
      coderay (~> 1.1.0)
      method_source (~> 0.8.1)
      slop (~> 3.4)
    quiet_assets (1.1.0)
      railties (>= 3.1, < 5.0)
    rack (1.6.4)
    rack-attack (4.4.1)
      rack
    rack-test (0.6.3)
      rack (>= 1.0)
    rails (4.2.6)
      actionmailer (= 4.2.6)
      actionpack (= 4.2.6)
      actionview (= 4.2.6)
      activejob (= 4.2.6)
      activemodel (= 4.2.6)
      activerecord (= 4.2.6)
      activesupport (= 4.2.6)
      bundler (>= 1.3.0, < 2.0)
      railties (= 4.2.6)
      sprockets-rails
    rails-deprecated_sanitizer (1.0.3)
      activesupport (>= 4.2.0.alpha)
    rails-dom-testing (1.0.7)
      activesupport (>= 4.2.0.beta, < 5.0)
      nokogiri (~> 1.6.0)
      rails-deprecated_sanitizer (>= 1.0.1)
    rails-html-sanitizer (1.0.3)
      loofah (~> 2.0)
    rails-i18n (4.0.8)
      i18n (~> 0.7)
      railties (~> 4.0)
    railties (4.2.6)
      actionpack (= 4.2.6)
      activesupport (= 4.2.6)
      rake (>= 0.8.7)
      thor (>= 0.18.1, < 2.0)
    rake (11.2.0)
    ransack (1.7.0)
      actionpack (>= 3.0)
      activerecord (>= 3.0)
      activesupport (>= 3.0)
      i18n
      polyamorous (~> 1.2)
    rb-fsevent (0.9.7)
    rb-inotify (0.9.7)
      ffi (>= 0.5.0)
    ref (2.0.0)
    reference_number (0.0.1)
    request_store (1.3.1)
    rspec (3.4.0)
      rspec-core (~> 3.4.0)
      rspec-expectations (~> 3.4.0)
      rspec-mocks (~> 3.4.0)
    rspec-core (3.4.4)
      rspec-support (~> 3.4.0)
    rspec-expectations (3.4.0)
      diff-lcs (>= 1.2.0, < 2.0)
      rspec-support (~> 3.4.0)
    rspec-mocks (3.4.1)
      diff-lcs (>= 1.2.0, < 2.0)
      rspec-support (~> 3.4.0)
    rspec-rails (3.4.2)
      actionpack (>= 3.0, < 4.3)
      activesupport (>= 3.0, < 4.3)
      railties (>= 3.0, < 4.3)
      rspec-core (~> 3.4.0)
      rspec-expectations (~> 3.4.0)
      rspec-mocks (~> 3.4.0)
      rspec-support (~> 3.4.0)
    rspec-support (3.4.1)
    sass (3.4.22)
    sass-rails (5.0.4)
      railties (>= 4.0.0, < 5.0)
      sass (~> 3.1)
      sprockets (>= 2.8, < 4.0)
      sprockets-rails (>= 2.0, < 4.0)
      tilt (>= 1.1, < 3)
    shellany (0.0.1)
    slop (3.6.0)
    sprockets (3.6.0)
      concurrent-ruby (~> 1.0)
      rack (> 1, < 3)
    sprockets-rails (3.0.4)
      actionpack (>= 4.0)
      activesupport (>= 4.0)
      sprockets (>= 3.0.0)
    sqlite3 (1.3.11)
    susy (2.2.12)
      sass (>= 3.3.0, < 3.5)
    therubyracer (0.12.2)
      libv8 (~> 3.16.14.0)
      ref
    thin (1.6.4)
      daemons (~> 1.0, >= 1.0.9)
      eventmachine (~> 1.0, >= 1.0.4)
      rack (~> 1.0)
    thor (0.19.1)
    thread_safe (0.3.5)
    tilt (2.0.5)
    ttfunk (1.4.0)
    tzinfo (1.2.2)
      thread_safe (~> 0.1)
    uglifier (3.0.0)
      execjs (>= 0.3.0, < 3)
    valid_email (0.0.13)
      activemodel
      mail (~> 2.6.1)
    will_paginate (3.1.0)
    will_paginate-bootstrap (1.0.1)
      will_paginate (>= 3.0.3)
    xpath (2.0.0)
      nokogiri (~> 1.3)

PLATFORMS
  ruby

DEPENDENCIES
  accountant_clerk!
  better_errors
  binding_of_caller
  capybara
  database_cleaner
  db_fixtures_dump!
  factory_girl_rails
  guard
  guard-rspec
  i18n-spec
  json_pure
  libv8
  mysql2 (~> 0.3.13)
  newrelic_rpm
  office_clerk!
  post_clerk!
  print_clerk!
  quiet_assets
  rack-attack
  rails-i18n (~> 4.0.0)
  rspec-rails
  sqlite3
  susy
  therubyracer
  thin
  uglifier (>= 1.3.0)

BUNDLED WITH
   1.12.5
